PATH
  remote: .
  specs:
    aspec_rb (0.0.4)
      asciidoctor (>= 1.5.0)

GEM
  remote: https://rubygems.org/
  specs:
    asciidoctor (1.5.6.1)
    power_assert (1.1.1)
    rake (12.3.0)
    test-unit (3.2.7)
      power_assert

PLATFORMS
  ruby

DEPENDENCIES
  aspec_rb!
  bundler (>= 1.15.4)
  rake (>= 12.1.0)
  test-unit (>= 3.2.6)

BUNDLED WITH
   1.16.0
