PATH
  remote: .
  specs:
    aspec_rb (0.0.14)
      asciidoctor

GEM
  remote: https://rubygems.org/
  specs:
    asciidoctor (1.5.7.1)
    docile (1.3.0)
    json (2.1.0)
    power_assert (1.1.1)
    rake (12.3.1)
    simplecov (0.16.1)
      docile (~> 1.1)
      json (>= 1.8, < 3)
      simplecov-html (~> 0.10.0)
    simplecov-html (0.10.2)
    test-unit (3.2.8)
      power_assert

PLATFORMS
  ruby

DEPENDENCIES
  aspec_rb!
  bundler
  rake
  simplecov
  test-unit

BUNDLED WITH
   1.16.1
